PATH
  remote: .
  specs:
    toggl-jobcan (0.1.0)
      chromedriver-helper
      selenium-webdriver
      toggl-worktime (>= 0.2.0)

GEM
  remote: https://rubygems.org/
  specs:
    archive-zip (0.11.0)
      io-like (~> 0.3.0)
    awesome_print (1.8.0)
    byebug (10.0.2)
    childprocess (0.9.0)
      ffi (~> 1.0, >= 1.0.11)
    chromedriver-helper (1.2.0)
      archive-zip (~> 0.10)
      nokogiri (~> 1.8)
    coderay (1.1.2)
    diff-lcs (1.3)
    faraday (0.14.0)
      multipart-post (>= 1.2, < 3)
    ffi (1.9.23)
    io-like (0.3.0)
    logger (1.2.8)
    method_source (0.9.0)
    mini_portile2 (2.3.0)
    multipart-post (2.0.0)
    nokogiri (1.8.2)
      mini_portile2 (~> 2.3.0)
    oj (3.5.0)
    pry (0.11.3)
      coderay (~> 1.1.0)
      method_source (~> 0.9.0)
    pry-byebug (3.6.0)
      byebug (~> 10.0)
      pry (~> 0.10)
    rake (10.5.0)
    rspec (3.7.0)
      rspec-core (~> 3.7.0)
      rspec-expectations (~> 3.7.0)
      rspec-mocks (~> 3.7.0)
    rspec-core (3.7.1)
      rspec-support (~> 3.7.0)
    rspec-expectations (3.7.0)
      diff-lcs (>= 1.2.0, < 2.0)
      rspec-support (~> 3.7.0)
    rspec-mocks (3.7.0)
      diff-lcs (>= 1.2.0, < 2.0)
      rspec-support (~> 3.7.0)
    rspec-support (3.7.1)
    rubyzip (1.2.1)
    selenium-webdriver (3.11.0)
      childprocess (~> 0.5)
      rubyzip (~> 1.2)
    toggl-worktime (0.2.0)
      awesome_print
      togglv8
    togglv8 (1.2.1)
      faraday
      logger
      oj

PLATFORMS
  ruby

DEPENDENCIES
  bundler (~> 1.16)
  pry
  pry-byebug
  rake (~> 10.0)
  rspec (~> 3.0)
  toggl-jobcan!

BUNDLED WITH
   1.16.1
