PATH
  remote: .
  specs:
    toggl-jobcan (0.4.1)
      selenium-webdriver
      thor
      toggl-worktime (~> 0.4.0, >= 0.4.1)
      webdrivers

GEM
  remote: https://rubygems.org/
  specs:
    awesome_print (1.9.2)
    byebug (11.0.1)
    childprocess (3.0.0)
    coderay (1.1.2)
    diff-lcs (1.3)
    faraday (1.4.3)
      faraday-em_http (~> 1.0)
      faraday-em_synchrony (~> 1.0)
      faraday-excon (~> 1.1)
      faraday-net_http (~> 1.0)
      faraday-net_http_persistent (~> 1.1)
      multipart-post (>= 1.2, < 3)
      ruby2_keywords (>= 0.0.4)
    faraday-em_http (1.0.0)
    faraday-em_synchrony (1.0.0)
    faraday-excon (1.1.0)
    faraday-net_http (1.0.1)
    faraday-net_http_persistent (1.1.0)
    logger (1.4.3)
    method_source (0.9.2)
    mini_portile2 (2.5.3)
    multipart-post (2.1.1)
    nokogiri (1.11.7)
      mini_portile2 (~> 2.5.0)
      racc (~> 1.4)
    oj (3.11.7)
    pastel (0.8.0)
      tty-color (~> 0.5)
    pry (0.12.2)
      coderay (~> 1.1.0)
      method_source (~> 0.9.0)
    pry-byebug (3.7.0)
      byebug (~> 11.0)
      pry (~> 0.10)
    racc (1.5.2)
    rake (13.0.1)
    rspec (3.8.0)
      rspec-core (~> 3.8.0)
      rspec-expectations (~> 3.8.0)
      rspec-mocks (~> 3.8.0)
    rspec-core (3.8.0)
      rspec-support (~> 3.8.0)
    rspec-expectations (3.8.3)
      diff-lcs (>= 1.2.0, < 2.0)
      rspec-support (~> 3.8.0)
    rspec-mocks (3.8.0)
      diff-lcs (>= 1.2.0, < 2.0)
      rspec-support (~> 3.8.0)
    rspec-support (3.8.0)
    ruby2_keywords (0.0.4)
    rubyzip (2.3.0)
    selenium-webdriver (3.142.7)
      childprocess (>= 0.5, < 4.0)
      rubyzip (>= 1.2.2)
    strings (0.2.1)
      strings-ansi (~> 0.2)
      unicode-display_width (>= 1.5, < 3.0)
      unicode_utils (~> 1.4)
    strings-ansi (0.2.0)
    thor (1.1.0)
    toggl-worktime (0.4.1)
      awesome_print
      togglv8-limitusus
      tty-table
    togglv8-limitusus (1.2.1)
      faraday
      logger
      oj
    tty-color (0.6.0)
    tty-screen (0.8.1)
    tty-table (0.12.0)
      pastel (~> 0.8)
      strings (~> 0.2.0)
      tty-screen (~> 0.8)
    unicode-display_width (2.0.0)
    unicode_utils (1.4.0)
    webdrivers (4.6.0)
      nokogiri (~> 1.6)
      rubyzip (>= 1.3.0)
      selenium-webdriver (>= 3.0, < 4.0)

PLATFORMS
  ruby

DEPENDENCIES
  bundler (~> 1.16)
  pry
  pry-byebug
  rake (~> 13.0)
  rspec (~> 3.0)
  toggl-jobcan!

BUNDLED WITH
   1.17.3
